GEM
  remote: https://rubygems.org/
  specs:
    ansi (1.5.0)
    builder (3.2.4)
    minitest (5.14.3)
    minitest-reporters (1.4.3)
      ansi
      builder
      minitest (>= 5.0)
      ruby-progressbar
    rake (13.0.3)
    ruby-progressbar (1.11.0)
    stamp (0.5.0)

PLATFORMS
  x86_64-linux

DEPENDENCIES
  minitest (~> 5.10)
  minitest-reporters (~> 1.1)
  rake
  stamp (~> 0.5.0)

RUBY VERSION
   ruby 2.5.0p0

BUNDLED WITH
   2.2.8
